GEM
  remote: https://rubygems.org/
  specs:
    ProMotion (1.1.1)
      methadone
    ProMotion-formotion (0.1.1)
      ProMotion (>= 1.1.0)
      formotion (>= 1.6.0)
      motion-require (>= 0.0.6)
    bubble-wrap (1.4.0)
    formotion (1.6)
      bubble-wrap (~> 1.4.0)
      motion-require (~> 0.0.3)
    methadone (1.3.1)
      bundler
    motion-require (0.0.7)
    rake (10.1.1)

PLATFORMS
  ruby

DEPENDENCIES
  ProMotion (~> 1.1.1)
  ProMotion-formotion
  rake
