GIT
  remote: git://github.com/clearsightstudio/ProMotion.git
  revision: 54b25bfa94bd027ad8c46f995339309b57690bc0
  branch: edge
  specs:
    ProMotion (1.1.0)
      methadone
      motion-require (>= 0.0.6)

GEM
  remote: https://rubygems.org/
  specs:
    ProMotion-formotion (0.1.1)
      ProMotion (>= 1.1.0)
      formotion (>= 1.6.0)
      motion-require (>= 0.0.6)
    bubble-wrap (1.4.0)
    formotion (1.6)
      bubble-wrap (~> 1.4.0)
      motion-require (~> 0.0.3)
    methadone (1.3.1)
      bundler
    motion-require (0.0.7)
    rake (10.1.1)

PLATFORMS
  ruby

DEPENDENCIES
  ProMotion!
  ProMotion-formotion
  motion-require
  rake
